GIT
  remote: https://github.com/eventmachine/eventmachine.git
  revision: b7f2b34d6b8d04aa8fdb017059833b64c602d819
  specs:
    eventmachine (1.0.3)

GEM
  remote: https://rubygems.org/
  specs:
    addressable (2.3.6)
    cookiejar (0.3.2)
    em-eventsource (0.2.0)
      em-http-request (>= 1.0.0)
      eventmachine (>= 1.0.0.beta3)
    em-http-request (1.1.2)
      addressable (>= 2.3.4)
      cookiejar
      em-socksify (>= 0.3)
      eventmachine (>= 1.0.3)
      http_parser.rb (>= 0.6.0)
    em-socksify (0.3.0)
      eventmachine (>= 1.0.0.beta.4)
    http_parser.rb (0.6.0)
    multi_json (1.10.1)

PLATFORMS
  x64-mingw32

DEPENDENCIES
  em-eventsource
  em-http-request
  eventmachine (>= 1.0.3)!
  multi_json
